PATH
  remote: .
  specs:
    jagan-benchmark (0.0.1)
      activesupport (~> 3.2.3)
      em-http-request (~> 1.0.3)
      em-websocket-client (~> 0.1.1)
      eventmachine (~> 1.0.0)

GEM
  remote: http://rubygems.org/
  specs:
    activesupport (3.2.8)
      i18n (~> 0.6)
      multi_json (~> 1.0)
    addressable (2.3.2)
    cookiejar (0.3.0)
    em-http-request (1.0.3)
      addressable (>= 2.2.3)
      cookiejar
      em-socksify
      eventmachine (>= 1.0.0.beta.4)
      http_parser.rb (>= 0.5.3)
    em-socksify (0.2.1)
      eventmachine (>= 1.0.0.beta.4)
    em-websocket-client (0.1.1)
      eventmachine
      libwebsocket
    eventmachine (1.0.0)
    http_parser.rb (0.5.3)
    i18n (0.6.1)
    libwebsocket (0.1.3)
      addressable
    multi_json (1.2.0)
    pusher (0.8.5)
      multi_json (~> 1.0)
      ruby-hmac (~> 0.4.0)
      signature (~> 0.1.2)
    ruby-hmac (0.4.0)
    signature (0.1.2)
      ruby-hmac

PLATFORMS
  ruby

DEPENDENCIES
  jagan-benchmark!
  pusher (~> 0.8.2)
